GEM
  remote: https://rubygems.org/
  specs:
    awesome_print (1.1.0)
    faraday (0.8.6)
      multipart-post (~> 1.1)
    multipart-post (1.2.0)
    nokogiri (1.5.6)

PLATFORMS
  ruby

DEPENDENCIES
  awesome_print
  faraday
  nokogiri
